GIT
  remote: https://github.com/jakubgarfield/gpxvis.git
  revision: fee62f39dd7776fb7e5e75d2f5ac1529acd5992d
  specs:
    gpxvis (0.0.1)
      chronic_duration (~> 0.10)
      haversine (~> 0.3)
      nokogiri (~> 1.6)

GEM
  remote: https://rubygems.org/
  specs:
    adsf (1.2.1)
      rack (>= 1.0.0)
    allison (2.0.3)
    builder (3.2.2)
    byebug (8.2.5)
    chronic_duration (0.10.6)
      numerizer (~> 0.1.1)
    coderay (1.1.1)
    colored (1.2)
    cri (2.7.0)
      colored (~> 1.2)
    echoe (4.6.6)
      allison (>= 2.0.3)
      rake (>= 0.9.2)
      rdoc (>= 2.5.11)
      rubyforge (>= 2.0.4)
    execjs (2.6.0)
    exifr (1.2.4)
    ffi (1.9.10)
    formatador (0.2.5)
    guard (2.13.0)
      formatador (>= 0.2.4)
      listen (>= 2.7, <= 4.0)
      lumberjack (~> 1.0)
      nenv (~> 0.1)
      notiffany (~> 0.0)
      pry (>= 0.9.12)
      shellany (~> 0.0)
      thor (>= 0.18.1)
    guard-compat (1.2.1)
    guard-nanoc (2.0.0)
      guard (~> 2.8)
      guard-compat (~> 1.0)
      nanoc (~> 4.0)
    haversine (0.3.0)
    image_size (1.4.2)
    json (1.8.3)
    json_pure (1.8.3)
    kramdown (1.10.0)
    listen (3.1.2)
      rb-fsevent (>= 0.9.3)
      rb-inotify (>= 0.9.7)
      ruby_dep (~> 1.1)
    lumberjack (1.0.10)
    method_source (0.8.2)
    mini_magick (4.5.1)
    mini_portile2 (2.0.0)
    nanoc (4.1.6)
      cri (~> 2.3)
    nenv (0.3.0)
    nokogiri (1.6.7.2)
      mini_portile2 (~> 2.0.0.rc2)
    notiffany (0.0.8)
      nenv (~> 0.1)
      shellany (~> 0.0)
    numerizer (0.1.1)
    pry (0.10.3)
      coderay (~> 1.1.0)
      method_source (~> 0.8.1)
      slop (~> 3.4)
    rack (1.6.4)
    rainpress (1.0)
      echoe
    rake (11.1.2)
    rb-fsevent (0.9.7)
    rb-inotify (0.9.7)
      ffi (>= 0.5.0)
    rdoc (4.2.2)
      json (~> 1.4)
    ruby_dep (1.1.0)
    rubyforge (2.0.4)
      json_pure (>= 1.1.7)
    rubypants (0.2.0)
    rubyzip (1.2.0)
    shellany (0.0.1)
    slop (3.6.0)
    stringex (2.6.0)
    thor (0.19.1)
    typogruby (1.0.18)
      rubypants
    uglifier (3.0.0)
      execjs (>= 0.3.0, < 3)

PLATFORMS
  ruby

DEPENDENCIES
  adsf
  builder
  byebug
  exifr
  gpxvis!
  guard-nanoc
  image_size
  kramdown
  mini_magick
  nanoc
  nokogiri
  rainpress
  rubyzip
  stringex
  typogruby
  uglifier

BUNDLED WITH
   1.12.1
