GIT
  remote: https://github.com/jakubgarfield/gpxvis.git
  revision: fee62f39dd7776fb7e5e75d2f5ac1529acd5992d
  specs:
    gpxvis (0.0.1)
      chronic_duration (~> 0.10)
      haversine (~> 0.3)
      nokogiri (~> 1.6)

GEM
  remote: https://rubygems.org/
  specs:
    addressable (2.8.1)
      public_suffix (>= 2.0.2, < 6.0)
    adsf (1.4.6)
      rack (>= 1.0.0, < 3.0.0)
    builder (3.2.3)
    byebug (11.0.1)
    chronic_duration (0.10.6)
      numerizer (~> 0.1.1)
    coderay (1.1.3)
    colored (1.2)
    concurrent-ruby (1.1.10)
    cri (2.15.11)
    ddmemoize (1.0.0)
      ddmetrics (~> 1.0)
      ref (~> 2.0)
    ddmetrics (1.0.1)
    ddplugin (1.0.3)
    diff-lcs (1.5.0)
    execjs (2.8.1)
    exifr (1.3.10)
    ffi (1.15.5)
    formatador (1.1.0)
    guard (2.18.0)
      formatador (>= 0.2.4)
      listen (>= 2.7, < 4.0)
      lumberjack (>= 1.0.12, < 2.0)
      nenv (~> 0.1)
      notiffany (~> 0.0)
      pry (>= 0.13.0)
      shellany (~> 0.0)
      thor (>= 0.18.1)
    guard-compat (1.2.1)
    guard-nanoc (2.1.6)
      guard (~> 2.8)
      guard-compat (~> 1.0)
      nanoc (>= 4.3.8, < 5.0)
    hamster (3.0.0)
      concurrent-ruby (~> 1.0)
    haversine (0.3.2)
    image_size (2.0.0)
    json_schema (0.21.0)
    kramdown (2.4.0)
      rexml
    listen (3.7.1)
      rb-fsevent (~> 0.10, >= 0.10.3)
      rb-inotify (~> 0.9, >= 0.9.10)
    lumberjack (1.2.8)
    method_source (1.0.0)
    mini_magick (4.9.3)
    mini_portile2 (2.8.0)
    nanoc (4.11.23)
      addressable (~> 2.5)
      colored (~> 1.2)
      nanoc-checking (~> 1.0)
      nanoc-cli (= 4.11.23)
      nanoc-core (= 4.11.23)
      nanoc-deploying (~> 1.0)
      parallel (~> 1.12)
      tty-command (~> 0.8)
      tty-which (~> 0.4)
    nanoc-checking (1.0.1)
      nanoc-cli (~> 4.11, >= 4.11.15)
      nanoc-core (~> 4.11, >= 4.11.15)
    nanoc-cli (4.11.23)
      cri (~> 2.15)
      diff-lcs (~> 1.3)
      nanoc-core (= 4.11.23)
      zeitwerk (~> 2.1)
    nanoc-core (4.11.23)
      concurrent-ruby (~> 1.1)
      ddmemoize (~> 1.0)
      ddmetrics (~> 1.0)
      ddplugin (~> 1.0)
      hamster (~> 3.0)
      json_schema (~> 0.19)
      slow_enumerator_tools (~> 1.0)
      tomlrb (~> 1.2)
      tty-platform (~> 0.2)
      zeitwerk (~> 2.1)
    nanoc-deploying (1.0.2)
      nanoc-checking (~> 1.0)
      nanoc-cli (~> 4.11, >= 4.11.15)
      nanoc-core (~> 4.11, >= 4.11.15)
    nenv (0.3.0)
    nokogiri (1.13.9)
      mini_portile2 (~> 2.8.0)
      racc (~> 1.4)
    notiffany (0.1.3)
      nenv (~> 0.1)
      shellany (~> 0.0)
    numerizer (0.1.1)
    parallel (1.22.1)
    pastel (0.8.0)
      tty-color (~> 0.5)
    pry (0.14.1)
      coderay (~> 1.1)
      method_source (~> 1.0)
    public_suffix (5.0.0)
    racc (1.6.0)
    rack (2.2.4)
    rainpress (1.0.1)
    rb-fsevent (0.11.2)
    rb-inotify (0.10.1)
      ffi (~> 1.0)
    ref (2.0.0)
    rexml (3.2.5)
    rubypants (0.7.1)
    rubyzip (2.3.2)
    shellany (0.0.1)
    slow_enumerator_tools (1.1.0)
    stringex (2.8.5)
    thor (1.2.1)
    tomlrb (1.3.0)
    tty-color (0.6.0)
    tty-command (0.10.1)
      pastel (~> 0.8)
    tty-platform (0.3.0)
    tty-which (0.5.0)
    typogruby (1.0.18)
      rubypants
    uglifier (4.2.0)
      execjs (>= 0.3.0, < 3)
    zeitwerk (2.6.1)

PLATFORMS
  ruby

DEPENDENCIES
  adsf
  builder
  byebug
  exifr
  gpxvis!
  guard-nanoc
  image_size
  kramdown
  mini_magick
  nanoc (~> 4.11.2)
  nokogiri (>= 1.8.5)
  rainpress
  rubyzip (>= 1.2.2)
  stringex
  typogruby
  uglifier

BUNDLED WITH
   2.0.1
