GEM
  remote: https://rubygems.org/
  specs:
    adsf (1.2.0)
      rack (>= 1.0.0)
    builder (3.2.2)
    byebug (3.1.2)
      columnize (~> 0.8)
      debugger-linecache (~> 1.2)
    celluloid (0.16.0)
      timers (~> 4.0.0)
    coderay (1.1.0)
    colored (1.2)
    columnize (0.8.9)
    cri (2.6.1)
      colored (~> 1.2)
    debugger-linecache (1.2.0)
    execjs (2.2.0)
    exifr (1.1.3)
    ffi (1.9.6)
    formatador (0.2.5)
    guard (2.10.1)
      formatador (>= 0.2.4)
      listen (~> 2.7)
      lumberjack (~> 1.0)
      pry (>= 0.9.12)
      thor (>= 0.18.1)
    guard-nanoc (1.0.3)
      guard (~> 2.8)
      nanoc (~> 3.6)
    highline (1.6.21)
    hitimes (1.2.2)
    json (1.8.1)
    kramdown (1.4.0)
    listen (2.8.3)
      celluloid (>= 0.15.2)
      rb-fsevent (>= 0.9.3)
      rb-inotify (>= 0.9)
    lumberjack (1.0.9)
    method_source (0.8.2)
    mini_magick (4.2.3)
    mini_portile (0.6.0)
    nanoc (3.7.1)
      cri (~> 2.3)
    nokogiri (1.6.3.1)
      mini_portile (= 0.6.0)
    pry (0.10.1)
      coderay (~> 1.1.0)
      method_source (~> 0.8.1)
      slop (~> 3.4)
    rack (1.5.2)
    rainpress (1.0)
    rb-fsevent (0.9.4)
    rb-inotify (0.9.5)
      ffi (>= 0.5.0)
    rubypants (0.2.0)
    rubyzip (1.1.4)
    slop (3.6.0)
    stringex (2.5.2)
    thor (0.19.1)
    timers (4.0.1)
      hitimes
    typogruby (1.0.16)
      rubypants
    uglifier (2.5.0)
      execjs (>= 0.3.0)
      json (>= 1.8.0)

PLATFORMS
  ruby

DEPENDENCIES
  adsf
  builder
  byebug
  exifr
  guard-nanoc
  highline
  kramdown
  mini_magick
  nanoc
  nokogiri
  rainpress
  rubyzip
  stringex
  typogruby
  uglifier
